GEM
  remote: https://rubygems.org/
  specs:
    json (2.0.3)
    rack (1.6.5)
    sinatra (1.1.0)
      rack (~> 1.1)
      tilt (~> 1.1)
    tilt (1.4.1)

PLATFORMS
  ruby

DEPENDENCIES
  json
  sinatra (= 1.1.0)

BUNDLED WITH
   1.14.5
